{
	"EEGChannelCount": 8,
	"EEGReference": "M1 (left mastoid)",
	"InstitutionAddress": "Santa Teresa de Jesús, 30-32, local, 50006 Zaragoza, Spain",
	"InstitutionName": "Bitbrain Technologies",
	"InstitutionalDepartmentName": "Neuroscience Department",
	"Manufacturer": "Micromed",
	"ManufacturersModelName": "SD plus",
	"PowerLineFrequency": 50,
	"RecordingDuration": 29241,
	"SamplingFrequency": 256,
	"SoftwareFilters": "n\/a",
	"TaskDescription": "One night of sleep.",
	"TaskName": "Sleep"
}
